GEM
  remote: https://rubygems.org/
  specs:
    breakpoint (2.0.6)
      compass (>= 0.12.1)
      sass (>= 3.2.0)
    chunky_png (1.2.8)
    compass (0.13.alpha.4)
      chunky_png (~> 1.2)
      listen (<= 0.9.9)
      sass (~> 3.2.5)
    listen (0.7.3)
    sass (3.2.10)
    singularitygs (1.1.2)
      breakpoint (>= 2.0.1)
      compass (>= 0.12.2)
      sass (>= 3.2.1)

PLATFORMS
  ruby

DEPENDENCIES
  compass (= 0.13.alpha.4)
  singularitygs (= 1.1.2)
